GEM
  remote: http://rubygems.org/
  specs:
    SystemTimer (1.2.3)
    abstract (1.0.0)
    actionmailer (3.0.10)
      actionpack (= 3.0.10)
      mail (~> 2.2.19)
    actionpack (3.0.10)
      activemodel (= 3.0.10)
      activesupport (= 3.0.10)
      builder (~> 2.1.2)
      erubis (~> 2.6.6)
      i18n (~> 0.5.0)
      rack (~> 1.2.1)
      rack-mount (~> 0.6.14)
      rack-test (~> 0.5.7)
      tzinfo (~> 0.3.23)
    activemodel (3.0.10)
      activesupport (= 3.0.10)
      builder (~> 2.1.2)
      i18n (~> 0.5.0)
    activerecord (3.0.10)
      activemodel (= 3.0.10)
      activesupport (= 3.0.10)
      arel (~> 2.0.10)
      tzinfo (~> 0.3.23)
    activeresource (3.0.10)
      activemodel (= 3.0.10)
      activesupport (= 3.0.10)
    activesupport (3.0.10)
    arel (2.0.10)
    bson (1.3.1)
    bson_ext (1.3.1)
    builder (2.1.2)
    chronic (0.3.0)
    ci_reporter (1.6.5)
      builder (>= 2.1.2)
    daemon_controller (0.2.6)
    database_cleaner (0.6.7)
    erubis (2.6.6)
      abstract (>= 1.0.0)
    faker (0.9.5)
      i18n (~> 0.4)
    fastthread (1.0.7)
    graylog2-declarative_authorization (0.5.2)
    home_run (1.0.4)
    hoptoad_notifier (2.4.11)
      activesupport
      builder
    i18n (0.5.0)
    json (1.5.4)
    machinist (1.0.6)
    machinist_mongo (1.2.0)
      machinist (~> 1.0.6)
    mail (2.2.19)
      activesupport (>= 2.3.6)
      i18n (>= 0.4.0)
      mime-types (~> 1.16)
      treetop (~> 1.4.8)
    mime-types (1.16)
    mocha (0.9.12)
    mongo (1.3.1)
      bson (>= 1.3.1)
    mongoid (2.0.1)
      activemodel (~> 3.0)
      mongo (~> 1.3)
      tzinfo (~> 0.3.22)
      will_paginate (~> 3.0.pre)
    multi_json (1.0.3)
    newrelic_rpm (3.1.1)
    passenger (3.0.9)
      daemon_controller (>= 0.2.5)
      fastthread (>= 1.0.1)
      rack
      rake (>= 0.8.1)
    polyglot (0.3.2)
    pony (1.3)
      mail (> 2.0)
    rack (1.2.3)
    rack-mount (0.6.14)
      rack (>= 1.0.0)
    rack-test (0.5.7)
      rack (>= 1.0)
    rails (3.0.10)
      actionmailer (= 3.0.10)
      actionpack (= 3.0.10)
      activerecord (= 3.0.10)
      activeresource (= 3.0.10)
      activesupport (= 3.0.10)
      bundler (~> 1.0)
      railties (= 3.0.10)
    railties (3.0.10)
      actionpack (= 3.0.10)
      activesupport (= 3.0.10)
      rake (>= 0.8.7)
      rdoc (~> 3.4)
      thor (~> 0.14.4)
    rake (0.8.7)
    rdoc (3.9.4)
    rest-client (1.6.7)
      mime-types (>= 1.16)
    rpm_contrib (2.1.4)
      newrelic_rpm (>= 3.1.1)
    shoulda (2.11.3)
    shoulda-activemodel (0.0.2)
      shoulda (>= 2.11.0)
    thor (0.14.6)
    timecop (0.3.5)
    tire (0.3.2)
      activemodel (~> 3.0)
      multi_json (~> 1.0)
      rake (>= 0.8.0)
      rest-client (~> 1.6.0)
    treetop (1.4.10)
      polyglot
      polyglot (>= 0.3.1)
    tzinfo (0.3.29)
    will_paginate (3.0.0)

PLATFORMS
  ruby

DEPENDENCIES
  SystemTimer (~> 1.2.3)
  bson (~> 1.3.1)
  bson_ext (~> 1.3.1)
  chronic (~> 0.3.0)
  ci_reporter (~> 1.6.4)
  database_cleaner (~> 0.6.0)
  faker (~> 0.9.5)
  graylog2-declarative_authorization (~> 0.5.2)
  home_run (~> 1.0.2)
  hoptoad_notifier (~> 2.4.9)
  json (~> 1.5.1)
  machinist_mongo (~> 1.2.0)
  mocha (~> 0.9.12)
  mongoid (= 2.0.1)
  passenger (~> 3.0.7)
  pony (~> 1.1)
  rack (~> 1.2.2)
  rails (~> 3.0.10)
  rake (~> 0.8.7)
  rpm_contrib (~> 2.1.1)
  shoulda (~> 2.11.3)
  shoulda-activemodel (= 0.0.2)
  timecop (~> 0.3.5)
  tire (~> 0.3.2)
